GEM
  remote: https://rubygems.org/
  specs:
    adsf (1.1.1)
      rack (>= 1.0.0)
    rack (1.5.2)
    rake (0.9.2.2)

PLATFORMS
  ruby

DEPENDENCIES
  adsf
  rake

BUNDLED WITH
   1.10.6
